GEM
  remote: https://rubygems.org/
  specs:

PLATFORMS
  ruby

DEPENDENCIES
gem "eventmachine"
gem "rethinkdb"

RUBY VERSION
   ruby 2.0.0p648

BUNDLED WITH
   1.12.5
